GIT
  remote: https://github.com/goosys/administrate.git
  revision: 5691108775fe16301b7025c6b1dec7426cf626a6
  branch: feature/contextualize-resource_instance_variable
  specs:
    administrate (1.0.0.beta3)
      actionpack (>= 6.0, < 9.0)
      actionview (>= 6.0, < 9.0)
      activerecord (>= 6.0, < 9.0)
      kaminari (~> 1.2.2)

GIT
  remote: https://github.com/goosys/administrate_ransack.git
  revision: 74c2121cf3ec0ee5f6a3b03cb96a6b7feff2baf9
  branch: develop
  specs:
    administrate_ransack (0.6.0)
      administrate (= 1.0.0.beta3)
      ransack (>= 2.3, < 5)

GIT
  remote: https://github.com/vitalinfo/refile.git
  revision: e47b432fd4d7bdccc015cd6a552725a05abf9ae8
  branch: latest_ruby_rails
  specs:
    refile (0.7.0)
      mime-types
      sinatra (>= 2.0.0, <= 4.0.0)

PATH
  remote: ../..
  specs:
    administrate-mistybird (0.1.0)
      administrate (>= 1.0.0.beta3, < 1.1.0)
      administrate-field-nested_has_many (= 2.1.0)
      administrate_ransack
      rails (>= 6.0, < 8)

GEM
  remote: https://rubygems.org/
  specs:
    actioncable (7.1.3.4)
      actionpack (= 7.1.3.4)
      activesupport (= 7.1.3.4)
      nio4r (~> 2.0)
      websocket-driver (>= 0.6.1)
      zeitwerk (~> 2.6)
    actionmailbox (7.1.3.4)
      actionpack (= 7.1.3.4)
      activejob (= 7.1.3.4)
      activerecord (= 7.1.3.4)
      activestorage (= 7.1.3.4)
      activesupport (= 7.1.3.4)
      mail (>= 2.7.1)
      net-imap
      net-pop
      net-smtp
    actionmailer (7.1.3.4)
      actionpack (= 7.1.3.4)
      actionview (= 7.1.3.4)
      activejob (= 7.1.3.4)
      activesupport (= 7.1.3.4)
      mail (~> 2.5, >= 2.5.4)
      net-imap
      net-pop
      net-smtp
      rails-dom-testing (~> 2.2)
    actionpack (7.1.3.4)
      actionview (= 7.1.3.4)
      activesupport (= 7.1.3.4)
      nokogiri (>= 1.8.5)
      racc
      rack (>= 2.2.4)
      rack-session (>= 1.0.1)
      rack-test (>= 0.6.3)
      rails-dom-testing (~> 2.2)
      rails-html-sanitizer (~> 1.6)
    actiontext (7.1.3.4)
      actionpack (= 7.1.3.4)
      activerecord (= 7.1.3.4)
      activestorage (= 7.1.3.4)
      activesupport (= 7.1.3.4)
      globalid (>= 0.6.0)
      nokogiri (>= 1.8.5)
    actionview (7.1.3.4)
      activesupport (= 7.1.3.4)
      builder (~> 3.1)
      erubi (~> 1.11)
      rails-dom-testing (~> 2.2)
      rails-html-sanitizer (~> 1.6)
    activejob (7.1.3.4)
      activesupport (= 7.1.3.4)
      globalid (>= 0.3.6)
    activemodel (7.1.3.4)
      activesupport (= 7.1.3.4)
    activerecord (7.1.3.4)
      activemodel (= 7.1.3.4)
      activesupport (= 7.1.3.4)
      timeout (>= 0.4.0)
    activestorage (7.1.3.4)
      actionpack (= 7.1.3.4)
      activejob (= 7.1.3.4)
      activerecord (= 7.1.3.4)
      activesupport (= 7.1.3.4)
      marcel (~> 1.0)
    activesupport (7.1.3.4)
      base64
      bigdecimal
      concurrent-ruby (~> 1.0, >= 1.0.2)
      connection_pool (>= 2.2.5)
      drb
      i18n (>= 1.6, < 2)
      minitest (>= 5.1)
      mutex_m
      tzinfo (~> 2.0)
    administrate-field-nested_has_many (2.1.0)
      administrate (>= 0.19, < 1)
      cocoon (~> 1.2, >= 1.2.11)
    base64 (0.2.0)
    bigdecimal (3.1.8)
    bindex (0.8.1)
    builder (3.3.0)
    cocoon (1.2.15)
    concurrent-ruby (1.3.3)
    connection_pool (2.4.1)
    crass (1.0.6)
    csb (0.11.0)
      csv
      rails (>= 7.0.0)
    csv (3.3.3)
    date (3.3.4)
    debug (1.9.2)
      irb (~> 1.10)
      reline (>= 0.3.8)
    drb (2.2.1)
    enumerize (2.8.1)
      activesupport (>= 3.2)
    erubi (1.13.0)
    ffi (1.17.1-aarch64-linux-gnu)
    ffi (1.17.1-arm-linux-gnu)
    ffi (1.17.1-arm64-darwin)
    ffi (1.17.1-x86-linux-gnu)
    ffi (1.17.1-x86_64-darwin)
    ffi (1.17.1-x86_64-linux-gnu)
    globalid (1.2.1)
      activesupport (>= 6.1)
    i18n (1.14.5)
      concurrent-ruby (~> 1.0)
    importmap-rails (2.0.1)
      actionpack (>= 6.0.0)
      activesupport (>= 6.0.0)
      railties (>= 6.0.0)
    io-console (0.7.2)
    irb (1.14.0)
      rdoc (>= 4.0.0)
      reline (>= 0.4.2)
    jbuilder (2.12.0)
      actionview (>= 5.0.0)
      activesupport (>= 5.0.0)
    kaminari (1.2.2)
      activesupport (>= 4.1.0)
      kaminari-actionview (= 1.2.2)
      kaminari-activerecord (= 1.2.2)
      kaminari-core (= 1.2.2)
    kaminari-actionview (1.2.2)
      actionview
      kaminari-core (= 1.2.2)
    kaminari-activerecord (1.2.2)
      activerecord
      kaminari-core (= 1.2.2)
    kaminari-core (1.2.2)
    logger (1.7.0)
    loofah (2.22.0)
      crass (~> 1.0.2)
      nokogiri (>= 1.12.0)
    mail (2.8.1)
      mini_mime (>= 0.1.1)
      net-imap
      net-pop
      net-smtp
    marcel (1.0.4)
    mime-types (3.6.2)
      logger
      mime-types-data (~> 3.2015)
    mime-types-data (3.2025.0325)
    mini_magick (4.13.2)
    mini_mime (1.1.5)
    minitest (5.24.1)
    mustermann (3.0.3)
      ruby2_keywords (~> 0.0.1)
    mutex_m (0.2.0)
    net-imap (0.4.14)
      date
      net-protocol
    net-pop (0.1.2)
      net-protocol
    net-protocol (0.2.2)
      timeout
    net-smtp (0.5.0)
      net-protocol
    nio4r (2.7.3)
    nokogiri (1.16.6-aarch64-linux)
      racc (~> 1.4)
    nokogiri (1.16.6-arm-linux)
      racc (~> 1.4)
    nokogiri (1.16.6-arm64-darwin)
      racc (~> 1.4)
    nokogiri (1.16.6-x86-linux)
      racc (~> 1.4)
    nokogiri (1.16.6-x86_64-darwin)
      racc (~> 1.4)
    nokogiri (1.16.6-x86_64-linux)
      racc (~> 1.4)
    psych (5.1.2)
      stringio
    puma (6.4.2)
      nio4r (~> 2.0)
    racc (1.8.0)
    rack (3.1.7)
    rack-protection (4.0.0)
      base64 (>= 0.1.0)
      rack (>= 3.0.0, < 4)
    rack-session (2.0.0)
      rack (>= 3.0.0)
    rack-test (2.1.0)
      rack (>= 1.3)
    rackup (2.1.0)
      rack (>= 3)
      webrick (~> 1.8)
    rails (7.1.3.4)
      actioncable (= 7.1.3.4)
      actionmailbox (= 7.1.3.4)
      actionmailer (= 7.1.3.4)
      actionpack (= 7.1.3.4)
      actiontext (= 7.1.3.4)
      actionview (= 7.1.3.4)
      activejob (= 7.1.3.4)
      activemodel (= 7.1.3.4)
      activerecord (= 7.1.3.4)
      activestorage (= 7.1.3.4)
      activesupport (= 7.1.3.4)
      bundler (>= 1.15.0)
      railties (= 7.1.3.4)
    rails-dom-testing (2.2.0)
      activesupport (>= 5.0.0)
      minitest
      nokogiri (>= 1.6)
    rails-html-sanitizer (1.6.0)
      loofah (~> 2.21)
      nokogiri (~> 1.14)
    rails-i18n (7.0.10)
      i18n (>= 0.7, < 2)
      railties (>= 6.0.0, < 8)
    railties (7.1.3.4)
      actionpack (= 7.1.3.4)
      activesupport (= 7.1.3.4)
      irb
      rackup (>= 1.0.0)
      rake (>= 12.2)
      thor (~> 1.0, >= 1.2.2)
      zeitwerk (~> 2.6)
    rake (13.2.1)
    ransack (4.3.0)
      activerecord (>= 6.1.5)
      activesupport (>= 6.1.5)
      i18n
    rdoc (6.7.0)
      psych (>= 4.0.0)
    refile-mini_magick (0.2.0)
      mini_magick (~> 4.0)
      refile (~> 0.5)
    reline (0.5.9)
      io-console (~> 0.5)
    ruby2_keywords (0.0.5)
    sassc (2.4.0)
      ffi (~> 1.9)
    sassc-rails (2.1.2)
      railties (>= 4.0.0)
      sassc (>= 2.0)
      sprockets (> 3.0)
      sprockets-rails
      tilt
    sinatra (4.0.0)
      mustermann (~> 3.0)
      rack (>= 3.0.0, < 4)
      rack-protection (= 4.0.0)
      rack-session (>= 2.0.0, < 3)
      tilt (~> 2.0)
    sprockets (4.2.1)
      concurrent-ruby (~> 1.0)
      rack (>= 2.2.4, < 4)
    sprockets-rails (3.5.1)
      actionpack (>= 6.1)
      activesupport (>= 6.1)
      sprockets (>= 3.0.0)
    sqlite3 (1.7.3-aarch64-linux)
    sqlite3 (1.7.3-arm-linux)
    sqlite3 (1.7.3-arm64-darwin)
    sqlite3 (1.7.3-x86-linux)
    sqlite3 (1.7.3-x86_64-darwin)
    sqlite3 (1.7.3-x86_64-linux)
    stimulus-rails (1.3.3)
      railties (>= 6.0.0)
    stringio (3.1.1)
    thor (1.3.1)
    tilt (2.6.0)
    timeout (0.4.1)
    turbo-rails (2.0.5)
      actionpack (>= 6.0.0)
      activejob (>= 6.0.0)
      railties (>= 6.0.0)
    tzinfo (2.0.6)
      concurrent-ruby (~> 1.0)
    web-console (4.2.1)
      actionview (>= 6.0.0)
      activemodel (>= 6.0.0)
      bindex (>= 0.4.0)
      railties (>= 6.0.0)
    webrick (1.8.1)
    websocket-driver (0.7.6)
      websocket-extensions (>= 0.1.0)
    websocket-extensions (0.1.5)
    zeitwerk (2.6.16)

PLATFORMS
  aarch64-linux
  arm-linux
  arm64-darwin
  x86-linux
  x86_64-darwin
  x86_64-linux

DEPENDENCIES
  administrate!
  administrate-mistybird!
  administrate_ransack!
  csb
  debug
  enumerize
  importmap-rails
  jbuilder
  puma (>= 5.0)
  rails (~> 7.1.3, >= 7.1.3.4)
  rails-i18n
  refile!
  refile-mini_magick
  sassc-rails
  sprockets-rails
  sqlite3 (~> 1.4)
  stimulus-rails
  turbo-rails
  tzinfo-data
  web-console

RUBY VERSION
   ruby 3.2.4p170

BUNDLED WITH
   2.5.15
